GEM
  remote: https://rubygems.org/
  specs:
    dotenv (1.0.2)
    mail (2.6.1)
      mime-types (>= 1.16, < 3)
    mail-iso-2022-jp (2.0.3)
      mail (>= 2.2.6, <= 2.6.1)
    mime-types (2.4.3)
    smtpapi (0.0.8)

PLATFORMS
  ruby

DEPENDENCIES
  dotenv
  mail
  mail-iso-2022-jp
  smtpapi
